PATH
  remote: .
  specs:
    enumpath (0.1.0)
      mini_cache (~> 1.1.0)
      to_regexp (~> 0.2.1)

GEM
  remote: https://rubygems.org/
  specs:
    benchmark-perf (0.2.1)
    byebug (10.0.2)
    coderay (1.1.2)
    diff-lcs (1.3)
    method_source (0.9.0)
    mini_cache (1.1.0)
    null-logger (0.1.5)
    pry (0.11.3)
      coderay (~> 1.1.0)
      method_source (~> 0.9.0)
    pry-byebug (3.6.0)
      byebug (~> 10.0)
      pry (~> 0.10)
    rake (12.3.1)
    rspec (3.8.0)
      rspec-core (~> 3.8.0)
      rspec-expectations (~> 3.8.0)
      rspec-mocks (~> 3.8.0)
    rspec-benchmark (0.3.0)
      benchmark-perf (~> 0.2.0)
      rspec (>= 3.0.0, < 4.0.0)
    rspec-core (3.8.0)
      rspec-support (~> 3.8.0)
    rspec-expectations (3.8.1)
      diff-lcs (>= 1.2.0, < 2.0)
      rspec-support (~> 3.8.0)
    rspec-mocks (3.8.0)
      diff-lcs (>= 1.2.0, < 2.0)
      rspec-support (~> 3.8.0)
    rspec-support (3.8.0)
    to_regexp (0.2.1)

PLATFORMS
  ruby

DEPENDENCIES
  bundler (~> 1.16)
  enumpath!
  null-logger (~> 0.1)
  pry-byebug (~> 3.6)
  rake (~> 12.3)
  rspec (~> 3.8)
  rspec-benchmark (~> 0.3.0)

BUNDLED WITH
   1.16.3
